GEM
  remote: https://rubygems.org/
  specs:
    commonjs (0.2.6)
    execjs (1.4.0)
      multi_json (~> 1.0)
    ffi (1.1.1)
    guard (1.2.3)
      listen (>= 0.4.2)
      thor (>= 0.14.6)
    guard-less (0.1.2)
      guard (>= 0.2.2)
      less (~> 2.1.0)
    guard-steering (0.0.2)
      guard (>= 1.0.2)
      steering (>= 1.1.0)
    less (2.1.0)
      commonjs (~> 0.2.0)
      therubyracer (~> 0.10.0)
    libnotify (0.7.3)
    libv8 (3.3.10.4)
    listen (0.4.7)
      rb-fchange (~> 0.0.5)
      rb-fsevent (~> 0.9.1)
      rb-inotify (~> 0.8.8)
    multi_json (1.3.6)
    rb-fchange (0.0.5)
      ffi
    rb-fsevent (0.9.1)
    rb-inotify (0.8.8)
      ffi (>= 0.5.0)
    steering (1.1.0)
      execjs (>= 1.3.0)
      steering-source (>= 1.0.beta.6)
    steering-source (1.0.beta.6)
    therubyracer (0.10.1)
      libv8 (~> 3.3.10)
    thor (0.15.4)

PLATFORMS
  ruby

DEPENDENCIES
  guard (= 1.2.3)
  guard-less (= 0.1.2)
  guard-steering (= 0.0.2)
  libnotify (= 0.7.3)
  steering (= 1.1.0)
